GEM
  remote: http://rubygems.org/
  specs:
    lightwave_rf (0.0.1)
    listen (0.6.0)
    rack (1.4.1)
    rack-protection (1.3.2)
      rack
    rerun (0.7.1)
      listen
    sinatra (1.3.3)
      rack (~> 1.3, >= 1.3.6)
      rack-protection (~> 1.2)
      tilt (~> 1.3, >= 1.3.3)
    tilt (1.3.3)

PLATFORMS
  ruby

DEPENDENCIES
  lightwave_rf
  rerun
  sinatra
