GEM
  remote: http://rubygems.org/
  specs:
    foreman (0.61.0)
      thor (>= 0.13.6)
    foreman-export-initscript (0.0.1)
      foreman
    lightwave_rf (0.0.1)
    listen (0.6.0)
    rack (1.4.1)
    rack-protection (1.3.2)
      rack
    rerun (0.7.1)
      listen
    sinatra (1.3.3)
      rack (~> 1.3, >= 1.3.6)
      rack-protection (~> 1.2)
      tilt (~> 1.3, >= 1.3.3)
    thor (0.16.0)
    tilt (1.3.3)

PLATFORMS
  ruby

DEPENDENCIES
  foreman
  foreman-export-initscript
  lightwave_rf
  rerun
  sinatra
